PATH
  remote: .
  specs:
    shoppr (0.2.2)
      activesupport (>= 3.0.0)
      hashie (= 0.2.0)
      httparty (>= 0.5.0)

GEM
  remote: http://rubygems.org/
  specs:
    activesupport (3.0.7)
    crack (0.1.8)
    fakeweb (1.3.0)
    git (1.2.5)
    hashie (0.2.0)
    httparty (0.7.7)
      crack (= 0.1.8)
    jeweler (1.6.0)
      bundler (~> 1.0.0)
      git (>= 1.2.5)
      rake
    mcmire-matchy (0.5.2)
    mocha (0.9.12)
    rake (0.8.7)
    thoughtbot-shoulda (2.11.1)

PLATFORMS
  ruby

DEPENDENCIES
  fakeweb
  hashie
  jeweler
  mcmire-matchy
  mocha
  rake (= 0.8.7)
  shoppr!
  thoughtbot-shoulda
